GEM
  remote: https://rubygems.org/
  specs:
    tk (0.2.0)

PLATFORMS
  x64-mingw32

DEPENDENCIES
  tk

RUBY VERSION
   ruby 2.5.5p157

BUNDLED WITH
   2.0.1
